RESTRICTION: == net462
NUGET
  remote: https://www.nuget.org/api/v2
    ControlzEx (3.0.2.4)
    Costura.Fody (4.1)
      Fody (>= 6.0)
    Fody (6.0.5)
    gong-wpf-dragdrop (2.1)
    JetBrains.Annotations (2019.1.3)
    MahApps.Metro (1.6.5)
      ControlzEx (>= 3.0.2.4 < 4.0)
    MahApps.Metro.IconPacks.Material (3.0.0-alpha0260)
    MahApps.Metro.IconPacks.Modern (3.0.0-alpha0260)
    Newtonsoft.Json (12.0.3)
    NLog (4.6.8)
    NUnit (3.12)
