FRAMEWORK: >= NET45
NUGET
  remote: https://www.nuget.org/api/v2
    Costura.Fody (1.3.3)
      Fody (>= 1.26.1)
    Fody (1.29.4)
    gong-wpf-dragdrop (1.0)
    JetBrains.Annotations (10.2.1)
    MahApps.Metro (1.3)
    MahApps.Metro.Resources (0.6.1)
      MahApps.Metro (>= 1.2.4)
    Newtonsoft.Json (6.0.8)
    NLog (4.3.11)
    NUnit (2.6.4)
