FRAMEWORK: >= NET45
NUGET
  remote: https://www.nuget.org/api/v2
    Costura.Fody (1.3.3)
      Fody (>= 1.26.1)
    Fody (1.29.4)
    gong-wpf-dragdrop (1.0)
    JetBrains.Annotations (10.2.1)
    MahApps.Metro (1.4.0-ALPHA037)
    MahApps.Metro.IconPacks.Material (1.6)
    MahApps.Metro.IconPacks.Modern (1.6)
    Newtonsoft.Json (9.0.1)
    NLog (4.3.11)
    NUnit (2.6.4)
